GIT
  remote: git://github.com/bryanp/pakyow_blog_engine.git
  revision: 14760b7552f2b2bbfcc618bcfe0bfd3462d36e6f
  specs:
    pakyow_blog_engine (0.1)

GIT
  remote: git://github.com/metabahn/pakyow.git
  revision: ef3df41661d64bfe051ce0b31efd9bae8cf5014b
  branch: release
  specs:
    pakyow (0.7)
      pakyow-core (= 0.7)
      pakyow-presenter (= 0.7)
    pakyow-core (0.7)
      rack (~> 1.3)
    pakyow-presenter (0.7)
      nokogiri (~> 1.5)
      pakyow-core (= 0.7)

GEM
  remote: http://rubygems.org/
  specs:
    coderay (1.0.4)
    daemons (1.1.4)
    eventmachine (0.12.10)
    gem_plugin (0.2.3)
    mongrel (1.1.5-java)
      gem_plugin (>= 0.2.3)
    nokogiri (1.5.0)
    nokogiri (1.5.0-java)
    rack (1.3.5)
    rdiscount (1.6.8)
    thin (1.2.11)
      daemons (>= 1.0.9)
      eventmachine (>= 0.12.6)
      rack (>= 1.0.0)

PLATFORMS
  java
  ruby

DEPENDENCIES
  coderay
  mongrel
  pakyow!
  pakyow_blog_engine!
  rdiscount
  thin (~> 1.2)
