GEM
  remote: http://rubygems.org/
  remote: http://code.metabahn.net/
  specs:
    coderay (0.9.8)
    daemons (1.1.4)
    eventmachine (0.12.10)
    gem_plugin (0.2.3)
    mongrel (1.1.5-java)
      gem_plugin (>= 0.2.3)
    nokogiri (1.5.0)
    pakyow (0.6.2)
      pakyow-core (= 0.6.2)
      pakyow-presenter (= 0.6.2)
    pakyow-core (0.6.2)
      rack (>= 1.2)
    pakyow-presenter (0.6.2)
      nokogiri (>= 1.4)
      pakyow-core (= 0.6.2)
    rack (1.3.0)
    rdiscount (1.6.8)
    thin (1.2.11)
      daemons (>= 1.0.9)
      eventmachine (>= 0.12.6)
      rack (>= 1.0.0)

PLATFORMS
  java
  ruby

DEPENDENCIES
  coderay
  mongrel
  pakyow (= 0.6.2)
  rdiscount
  thin (~> 1.2)
