GIT
  remote: git://github.com/bryanp/pakyow_blog_engine.git
  revision: 7e765855cc783bea1213bf666aa005d84c2b873a
  specs:
    pakyow_blog_engine (0.1)

GIT
  remote: git://github.com/metabahn/pakyow.git
  revision: 53f247417761e55fccfb0afc4bc260c5cebcee87
  branch: release
  specs:
    pakyow (0.7)
      pakyow-core (= 0.7)
      pakyow-presenter (= 0.7)
    pakyow-core (0.7)
      rack (~> 1.3)
    pakyow-presenter (0.7)
      nokogiri (~> 1.5)
      pakyow-core (= 0.7)

GEM
  remote: http://rubygems.org/
  specs:
    coderay (0.9.8)
    daemons (1.1.4)
    eventmachine (0.12.10)
    gem_plugin (0.2.3)
    mongrel (1.1.5-java)
      gem_plugin (>= 0.2.3)
    nokogiri (1.5.0)
    nokogiri (1.5.0-java)
    rack (1.3.5)
    rdiscount (1.6.8)
    thin (1.3.1)
      daemons (>= 1.0.9)
      eventmachine (>= 0.12.6)
      rack (>= 1.0.0)

PLATFORMS
  java
  ruby

DEPENDENCIES
  coderay (~> 0.9)
  mongrel
  pakyow!
  pakyow_blog_engine!
  rdiscount
  thin (~> 1.2)
